PATH
  remote: /Users/kelly/projects/redding/ardb
  specs:
    ardb (0.0.1)
      activerecord (~> 3.2)
      activesupport (~> 3.2)
      ns-options (~> 1.1)

GEM
  remote: https://rubygems.org/
  specs:
    activemodel (3.2.13)
      activesupport (= 3.2.13)
      builder (~> 3.0.0)
    activerecord (3.2.13)
      activemodel (= 3.2.13)
      activesupport (= 3.2.13)
      arel (~> 3.0.2)
      tzinfo (~> 0.3.29)
    activesupport (3.2.13)
      i18n (= 0.6.1)
      multi_json (~> 1.0)
    arel (3.0.2)
    builder (3.0.4)
    i18n (0.6.1)
    multi_json (1.7.2)
    ns-options (1.1.3)
    sqlite3 (1.3.7)
    tzinfo (0.3.37)

PLATFORMS
  ruby

DEPENDENCIES
  ardb!
  sqlite3
